GIT
  remote: https://github.com/travis-ci/travis-config
  revision: 3cdbf143dddfa6d9d4e5b3c962aa74929da52b4f
  specs:
    travis-config (1.1.2)
      hashr (~> 2.0)

GIT
  remote: https://github.com/travis-ci/travis-sidekiqs.git
  revision: c5d4a4abc6c3737f9c43d3333efb94daa18b9fbb
  specs:
    travis-sidekiqs (0.0.1)
      redis-namespace
      sidekiq

GIT
  remote: https://github.com/travis-ci/travis-sso.git
  revision: 8b41951a7a1905978ae3bb6ecaffa88f2f22d3d7
  specs:
    travis-sso (0.0.1)
      multi_json
      rack
      rotp
      yubikey

GEM
  remote: https://rubygems.org/
  specs:
    concurrent-ruby (1.0.5)
    connection_pool (2.2.1)
    daemons (1.2.4)
    eventmachine (1.2.3)
    hashr (2.0.1)
    multi_json (1.12.1)
    rack (1.4.7)
    rack-protection (1.5.3)
      rack
    rack-ssl (1.3.4)
      rack
    redis (3.3.3)
    redis-namespace (1.5.3)
      redis (~> 3.0, >= 3.0.4)
    rotp (3.3.0)
    sidekiq (4.2.9)
      concurrent-ruby (~> 1.0)
      connection_pool (~> 2.2, >= 2.2.0)
      rack-protection (>= 1.5.0)
      redis (~> 3.2, >= 3.2.1)
    sinatra (1.4.6)
      rack (~> 1.4)
      rack-protection (~> 1.4)
      tilt (>= 1.3, < 3)
    slim (3.0.7)
      temple (~> 0.7.6)
      tilt (>= 1.3.3, < 2.1)
    temple (0.7.7)
    thin (1.7.0)
      daemons (~> 1.0, >= 1.0.9)
      eventmachine (~> 1.0, >= 1.0.4)
      rack (>= 1, < 3)
    tilt (1.4.1)
    yubikey (1.4.1)

PLATFORMS
  ruby

DEPENDENCIES
  rack
  rack-ssl
  redis-namespace
  sidekiq
  sinatra
  slim
  thin
  travis-config!
  travis-sidekiqs!
  travis-sso!

RUBY VERSION
   ruby 2.4.1p111

BUNDLED WITH
   1.16.1
