GIT
  remote: https://github.com/travis-ci/travis-config
  revision: 601e9a6dcb799dc14944c40153c60aaf935629ee
  specs:
    travis-config (2.0.0)
      hashr (~> 2.0)

GIT
  remote: https://github.com/travis-ci/travis-sso.git
  revision: 46df4a8ff1eac180d91307652a5eacb5d409ac07
  specs:
    travis-sso (0.1.0)
      multi_json
      rack
      rotp
      yubikey

GEM
  remote: https://rubygems.org/
  specs:
    concurrent-ruby (1.3.1)
    connection_pool (2.4.1)
    daemons (1.4.1)
    eventmachine (1.2.7)
    hashr (2.0.1)
    multi_json (1.15.0)
    mustermann (2.0.2)
      ruby2_keywords (~> 0.0.1)
    rack (2.2.9)
    rack-protection (2.2.4)
      rack
    rack-ssl (1.4.1)
      rack
    redis-client (0.22.2)
      connection_pool
    rotp (6.3.0)
    ruby2_keywords (0.0.5)
    sidekiq (7.2.4)
      concurrent-ruby (< 2)
      connection_pool (>= 2.3.0)
      rack (>= 2.2.4)
      redis-client (>= 0.19.0)
    sinatra (2.2.4)
      mustermann (~> 2.0)
      rack (~> 2.2)
      rack-protection (= 2.2.4)
      tilt (~> 2.0)
    slim (5.2.1)
      temple (~> 0.10.0)
      tilt (>= 2.1.0)
    temple (0.10.3)
    thin (1.8.2)
      daemons (~> 1.0, >= 1.0.9)
      eventmachine (~> 1.0, >= 1.0.4)
      rack (>= 1, < 3)
    tilt (2.3.0)
    yubikey (1.4.1)

PLATFORMS
  x86_64-linux

DEPENDENCIES
  rack
  rack-ssl
  sidekiq
  sinatra (~> 2)
  slim
  thin (~> 1.8)
  travis-config!
  travis-sso!

RUBY VERSION
   ruby 3.2.4p170

BUNDLED WITH
   2.4.19
