GIT
  remote: git://github.com/travis-ci/travis-core.git
  revision: 3c20e66a20d9d540e2a6c5fb70c542fe97c62e25
  specs:
    travis-core (0.0.1)
      actionmailer (~> 3.2.19)
      activerecord (~> 3.2.19)
      coder (~> 0.4.0)
      data_migrations (~> 0.0.1)
      gh
      hashr (~> 0.0.19)
      metriks (~> 0.9.7)
      multi_json
      pusher (~> 0.14.0)
      railties (~> 3.2.19)
      rake
      redis (~> 3.0)
      rollout (~> 1.1.0)
      s3 (~> 0.3)
      simple_states (~> 1.0.0)
      thor (~> 0.14.6)
      travis-config (~> 0.1.0)
      virtus (~> 1.0.0)

GIT
  remote: git://github.com/travis-ci/travis-sidekiqs.git
  revision: 21a2fee158e25252dd78f5fa31e81b4f6583be23
  specs:
    travis-sidekiqs (0.0.1)
      sidekiq

GIT
  remote: git://github.com/travis-ci/travis-sso.git
  revision: d83e00b0651d3d636f5dad808b3e11ade41ec719
  specs:
    travis-sso (0.0.1)
      multi_json
      rack
      rotp
      yubikey

GIT
  remote: git://github.com/travis-ci/travis-support.git
  revision: 2cd02d2a06fdd1e2fc2f129148c168b56f7c190f
  specs:
    travis-support (0.0.1)

GEM
  remote: https://rubygems.org/
  specs:
    actionmailer (3.2.22)
      actionpack (= 3.2.22)
      mail (~> 2.5.4)
    actionpack (3.2.22)
      activemodel (= 3.2.22)
      activesupport (= 3.2.22)
      builder (~> 3.0.0)
      erubis (~> 2.7.0)
      journey (~> 1.0.4)
      rack (~> 1.4.5)
      rack-cache (~> 1.2)
      rack-test (~> 0.6.1)
      sprockets (~> 2.2.1)
    activemodel (3.2.22)
      activesupport (= 3.2.22)
      builder (~> 3.0.0)
    activerecord (3.2.22)
      activemodel (= 3.2.22)
      activesupport (= 3.2.22)
      arel (~> 3.0.2)
      tzinfo (~> 0.3.29)
    activesupport (3.2.22)
      i18n (~> 0.6, >= 0.6.4)
      multi_json (~> 1.0)
    addressable (2.3.8)
    arel (3.0.3)
    atomic (1.1.99)
    avl_tree (1.2.1)
      atomic (~> 1.1)
    axiom-types (0.1.1)
      descendants_tracker (~> 0.0.4)
      ice_nine (~> 0.11.0)
      thread_safe (~> 0.3, >= 0.3.1)
    backports (3.6.7)
    builder (3.0.4)
    coder (0.4.0)
    coercible (1.0.0)
      descendants_tracker (~> 0.0.1)
    concurrent-ruby (1.0.0)
    connection_pool (2.2.0)
    daemons (1.2.3)
    data_migrations (0.0.1)
      activerecord
      rake
    descendants_tracker (0.0.4)
      thread_safe (~> 0.3, >= 0.3.1)
    equalizer (0.0.11)
    erubis (2.7.0)
    eventmachine (1.0.8)
    faraday (0.9.2)
      multipart-post (>= 1.2, < 3)
    gh (0.14.0)
      addressable
      backports
      faraday (~> 0.8)
      multi_json (~> 1.0)
      net-http-persistent (>= 2.7)
      net-http-pipeline
    hashr (0.0.22)
    hike (1.2.3)
    hitimes (1.2.3)
    httpclient (2.7.0.1)
    i18n (0.7.0)
    ice_nine (0.11.1)
    journey (1.0.4)
    json (1.8.3)
    mail (2.5.4)
      mime-types (~> 1.16)
      treetop (~> 1.4.8)
    metriks (0.9.9.7)
      atomic (~> 1.0)
      avl_tree (~> 1.2.0)
      hitimes (~> 1.1)
    mime-types (1.25.1)
    multi_json (1.11.2)
    multipart-post (2.0.0)
    net-http-persistent (2.9.4)
    net-http-pipeline (1.0.1)
    polyglot (0.3.5)
    proxies (0.2.1)
    pusher (0.14.6)
      httpclient (~> 2.5)
      multi_json (~> 1.0)
      pusher-signature (~> 0.1.8)
    pusher-signature (0.1.8)
    rack (1.4.7)
    rack-cache (1.5.1)
      rack (>= 0.4)
    rack-protection (1.5.3)
      rack
    rack-ssl (1.3.4)
      rack
    rack-test (0.6.3)
      rack (>= 1.0)
    railties (3.2.22)
      actionpack (= 3.2.22)
      activesupport (= 3.2.22)
      rack-ssl (~> 1.3.2)
      rake (>= 0.8.7)
      rdoc (~> 3.4)
      thor (>= 0.14.6, < 2.0)
    rake (10.4.2)
    rdoc (3.12.2)
      json (~> 1.4)
    redis (3.2.2)
    redis-namespace (1.5.2)
      redis (~> 3.0, >= 3.0.4)
    rollout (1.1.0)
    rotp (2.1.1)
    s3 (0.3.23)
      proxies (~> 0.2.0)
    sidekiq (4.0.1)
      concurrent-ruby (~> 1.0)
      connection_pool (~> 2.2, >= 2.2.0)
      json (~> 1.0)
      redis (~> 3.2, >= 3.2.1)
    simple_states (1.0.1)
      activesupport
      hashr (~> 0.0.10)
    sinatra (1.4.6)
      rack (~> 1.4)
      rack-protection (~> 1.4)
      tilt (>= 1.3, < 3)
    slim (3.0.6)
      temple (~> 0.7.3)
      tilt (>= 1.3.3, < 2.1)
    sprockets (2.2.3)
      hike (~> 1.2)
      multi_json (~> 1.0)
      rack (~> 1.0)
      tilt (~> 1.1, != 1.3.0)
    temple (0.7.6)
    thin (1.6.4)
      daemons (~> 1.0, >= 1.0.9)
      eventmachine (~> 1.0, >= 1.0.4)
      rack (~> 1.0)
    thor (0.14.6)
    thread_safe (0.3.5)
    tilt (1.4.1)
    travis-config (0.1.4)
      hashr (~> 0.0)
    treetop (1.4.15)
      polyglot
      polyglot (>= 0.3.1)
    tzinfo (0.3.45)
    virtus (1.0.5)
      axiom-types (~> 0.1)
      coercible (~> 1.0)
      descendants_tracker (~> 0.0, >= 0.0.3)
      equalizer (~> 0.0, >= 0.0.9)
    yubikey (1.4.1)

PLATFORMS
  ruby

DEPENDENCIES
  rack
  rack-ssl
  redis-namespace
  sidekiq
  sinatra
  slim
  thin
  travis-core!
  travis-sidekiqs!
  travis-sso!
  travis-support!

BUNDLED WITH
   1.10.6
